PATH
  remote: .
  specs:
    rmud (0.0.1)
      activesupport (~> 6.0)
      colorize
      concurrent-ruby

GEM
  remote: https://rubygems.org/
  specs:
    activesupport (6.1.7.10)
      concurrent-ruby (~> 1.0, >= 1.0.2)
      i18n (>= 1.6, < 2)
      minitest (>= 5.1)
      tzinfo (~> 2.0)
      zeitwerk (~> 2.3)
    byebug (12.0.0)
    colorize (1.1.0)
    concurrent-ruby (1.3.5)
    i18n (1.14.7)
      concurrent-ruby (~> 1.0)
    minitest (5.25.5)
    tzinfo (2.0.6)
      concurrent-ruby (~> 1.0)
    zeitwerk (2.7.2)

PLATFORMS
  ruby

DEPENDENCIES
  byebug
  rmud!

BUNDLED WITH
   2.6.2
